GEM
  remote: http://rubygems.org/
  specs:
    builder (3.2.3)
    childprocess (0.9.0)
      ffi (~> 1.0, >= 1.0.11)
    concurrent-ruby (1.0.5)
    cucumber (1.0.0)
      builder (>= 2.1.2)
      diff-lcs (>= 1.1.2)
      gherkin (~> 2.4.1)
      json (>= 1.4.6)
      term-ansicolor (>= 1.0.5)
    data_magic (1.2)
      faker (>= 1.1.2)
      yml_reader (>= 0.6)
    diff-lcs (1.1.3)
    faker (1.8.7)
      i18n (>= 0.7)
    ffi (1.9.25)
    gherkin (2.4.21)
      json (>= 1.4.6)
    i18n (1.0.1)
      concurrent-ruby (~> 1.0)
    json (2.1.0)
    page-object (2.2.4)
      page_navigation (>= 0.10)
      selenium-webdriver (~> 3.0)
      watir (~> 6.8)
    page_navigation (0.10)
      data_magic (>= 0.22)
    rspec (2.7.0)
      rspec-core (~> 2.7.0)
      rspec-expectations (~> 2.7.0)
      rspec-mocks (~> 2.7.0)
    rspec-core (2.7.1)
    rspec-expectations (2.7.0)
      diff-lcs (~> 1.1.2)
    rspec-mocks (2.7.0)
    rubyzip (1.2.1)
    selenium-webdriver (3.12.0)
      childprocess (~> 0.5)
      rubyzip (~> 1.2)
    term-ansicolor (1.6.0)
      tins (~> 1.0)
    tins (1.16.3)
    watir (6.11.0)
      selenium-webdriver (~> 3.4, >= 3.4.1)
    yml_reader (0.7)

PLATFORMS
  ruby

DEPENDENCIES
  cucumber (= 1.0.0)
  page-object (>= 0.5.2)
  rspec

BUNDLED WITH
   1.16.1
