GEM
  remote: http://rubygems.org/
  specs:
    builder (3.2.4)
    childprocess (0.2.3)
      ffi (~> 1.0.6)
    cucumber (1.0.0)
      builder (>= 2.1.2)
      diff-lcs (>= 1.1.2)
      gherkin (~> 2.4.1)
      json (>= 1.4.6)
      term-ansicolor (>= 1.0.5)
    diff-lcs (1.1.3)
    ffi (1.0.11)
    gherkin (2.4.21)
      json (>= 1.4.6)
    json (2.3.0)
    multi_json (1.0.4)
    page-object (0.5.2)
      selenium-webdriver (>= 2.14.0)
      watir-webdriver (>= 0.3.9)
    rspec (2.7.0)
      rspec-core (~> 2.7.0)
      rspec-expectations (~> 2.7.0)
      rspec-mocks (~> 2.7.0)
    rspec-core (2.7.1)
    rspec-expectations (2.7.0)
      diff-lcs (~> 1.1.2)
    rspec-mocks (2.7.0)
    rubyzip (0.9.5)
    selenium-webdriver (2.15.0)
      childprocess (>= 0.2.1)
      ffi (~> 1.0.9)
      multi_json (~> 1.0.4)
      rubyzip
    sync (0.5.0)
    term-ansicolor (1.7.1)
      tins (~> 1.0)
    tins (1.24.1)
      sync
    watir-webdriver (0.4.1)
      selenium-webdriver (>= 2.12.0)

PLATFORMS
  ruby

DEPENDENCIES
  cucumber (= 1.0.0)
  page-object
  rspec

BUNDLED WITH
   1.17.3
