GEM
  remote: http://rubygems.org/
  specs:
    builder (3.0.0)
    childprocess (2.0.0)
      rake (< 13.0)
    concurrent-ruby (1.1.5)
    cucumber (1.0.0)
      builder (>= 2.1.2)
      diff-lcs (>= 1.1.2)
      gherkin (~> 2.4.1)
      json (>= 1.4.6)
      term-ansicolor (>= 1.0.5)
    data_magic (1.2)
      faker (>= 1.1.2)
      yml_reader (>= 0.6)
    diff-lcs (1.1.3)
    faker (2.4.0)
      i18n (~> 1.6.0)
    gherkin (2.4.21)
      json (>= 1.4.6)
    i18n (1.6.0)
      concurrent-ruby (~> 1.0)
    json (1.6.3)
    page-object (2.2.6)
      page_navigation (>= 0.10)
      selenium-webdriver (~> 3.0)
      watir (~> 6.8)
    page_navigation (0.10)
      data_magic (>= 0.22)
    rake (12.3.3)
    regexp_parser (1.6.0)
    rspec (2.7.0)
      rspec-core (~> 2.7.0)
      rspec-expectations (~> 2.7.0)
      rspec-mocks (~> 2.7.0)
    rspec-core (2.7.1)
    rspec-expectations (2.7.0)
      diff-lcs (~> 1.1.2)
    rspec-mocks (2.7.0)
    rubyzip (1.3.0)
    selenium-webdriver (3.142.4)
      childprocess (>= 0.5, < 3.0)
      rubyzip (~> 1.2, >= 1.2.2)
    term-ansicolor (1.0.7)
    watir (6.16.5)
      regexp_parser (~> 1.2)
      selenium-webdriver (~> 3.6)
    yml_reader (0.7)

PLATFORMS
  ruby

DEPENDENCIES
  cucumber (= 1.0)
  page-object (>= 0.5.2)
  rspec

BUNDLED WITH
   1.17.3
